PATH
  remote: .
  specs:
    ib-ruby (0.9.2)
      activerecord (~> 4.1)
      bundler (~> 1.7)
      xml-simple (~> 1.1)

GEM
  remote: https://rubygems.org/
  specs:
    activemodel (4.2.0)
      activesupport (= 4.2.0)
      builder (~> 3.1)
    activerecord (4.2.0)
      activemodel (= 4.2.0)
      activesupport (= 4.2.0)
      arel (~> 6.0)
    activerecord-jdbc-adapter (1.3.13)
      activerecord (>= 2.2)
    activerecord-jdbcsqlite3-adapter (1.3.13)
      activerecord-jdbc-adapter (~> 1.3.13)
      jdbc-sqlite3 (>= 3.7.2, < 3.9)
    activesupport (4.2.0)
      i18n (~> 0.7)
      json (~> 1.7, >= 1.7.7)
      minitest (~> 5.1)
      thread_safe (~> 0.3, >= 0.3.4)
      tzinfo (~> 1.1)
    arel (6.0.0)
    builder (3.2.2)
    celluloid (0.16.0)
      timers (~> 4.0.0)
    coderay (1.1.0)
    database_cleaner (1.3.0)
    diff-lcs (1.2.5)
    factory_girl (4.5.0)
      activesupport (>= 3.0.0)
    ffi (1.9.6)
    ffi (1.9.6-java)
    formatador (0.2.5)
    getopt (1.4.2)
    guard (2.10.5)
      formatador (>= 0.2.4)
      listen (~> 2.7)
      lumberjack (~> 1.0)
      nenv (~> 0.1)
      pry (>= 0.9.12)
      thor (>= 0.18.1)
    guard-compat (1.2.0)
    guard-rspec (4.5.0)
      guard (~> 2.1)
      guard-compat (~> 1.1)
      rspec (>= 2.99.0, < 4.0)
    hitimes (1.2.2)
    hitimes (1.2.2-java)
    i18n (0.7.0)
    jdbc-sqlite3 (3.8.7)
    json (1.8.1)
    json (1.8.1-java)
    listen (2.8.4)
      celluloid (>= 0.15.2)
      rb-fsevent (>= 0.9.3)
      rb-inotify (>= 0.9)
    lumberjack (1.0.9)
    method_source (0.8.2)
    minitest (5.5.0)
    nenv (0.1.1)
    pry (0.10.1)
      coderay (~> 1.1.0)
      method_source (~> 0.8.1)
      slop (~> 3.4)
    pry (0.10.1-java)
      coderay (~> 1.1.0)
      method_source (~> 0.8.1)
      slop (~> 3.4)
      spoon (~> 0.0)
    rb-fsevent (0.9.4)
    rb-inotify (0.9.5)
      ffi (>= 0.5.0)
    rspec (3.1.0)
      rspec-core (~> 3.1.0)
      rspec-expectations (~> 3.1.0)
      rspec-mocks (~> 3.1.0)
    rspec-core (3.1.7)
      rspec-support (~> 3.1.0)
    rspec-expectations (3.1.2)
      diff-lcs (>= 1.2.0, < 2.0)
      rspec-support (~> 3.1.0)
    rspec-mocks (3.1.3)
      rspec-support (~> 3.1.0)
    rspec-support (3.1.2)
    slop (3.6.0)
    spoon (0.0.4)
      ffi
    thor (0.19.1)
    thread_safe (0.3.4)
    thread_safe (0.3.4-java)
    timers (4.0.1)
      hitimes
    tzinfo (1.2.2)
      thread_safe (~> 0.1)
    xml-simple (1.1.4)

PLATFORMS
  java
  ruby

DEPENDENCIES
  activerecord-jdbcsqlite3-adapter (>= 1.2.2)
  database_cleaner
  factory_girl (~> 4.0)
  getopt
  guard
  guard-rspec
  ib-ruby!
  jdbc-sqlite3 (>= 3.7.2)
  pry
  rspec
  xml-simple
