PATH
  remote: .
  specs:
    ib-ruby (0.8.1)
      activerecord (>= 3.2.0)
      bundler (>= 1.1.3)
      standalone_migrations
      xml-simple (>= 1.1.1)

GEM
  remote: http://rubygems.org/
  specs:
    activemodel (3.2.5)
      activesupport (= 3.2.5)
      builder (~> 3.0.0)
    activerecord (3.2.5)
      activemodel (= 3.2.5)
      activesupport (= 3.2.5)
      arel (~> 3.0.2)
      tzinfo (~> 0.3.29)
    activerecord-jdbc-adapter (1.2.2)
    activerecord-jdbcsqlite3-adapter (1.2.2)
      activerecord-jdbc-adapter (~> 1.2.2)
      jdbc-sqlite3 (~> 3.7.2)
    activesupport (3.2.5)
      i18n (~> 0.6)
      multi_json (~> 1.0)
    arel (3.0.2)
    builder (3.0.0)
    database_cleaner (0.8.0)
    diff-lcs (1.1.3)
    getopt (1.4.1)
    i18n (0.6.0)
    jdbc-sqlite3 (3.7.2)
    multi_json (1.3.6)
    my_scripts (0.1.15)
      bundler (>= 1.0.0)
    rake (0.9.2.2)
    rspec (2.10.0)
      rspec-core (~> 2.10.0)
      rspec-expectations (~> 2.10.0)
      rspec-mocks (~> 2.10.0)
    rspec-core (2.10.1)
    rspec-expectations (2.10.0)
      diff-lcs (~> 1.1.3)
    rspec-mocks (2.10.1)
    standalone_migrations (1.0.10)
      activerecord (>= 3)
      rake
    tzinfo (0.3.33)
    xml-simple (1.1.1)

PLATFORMS
  java

DEPENDENCIES
  activerecord-jdbcsqlite3-adapter (>= 1.2.2)
  database_cleaner (>= 0.7.2)
  getopt
  ib-ruby!
  jdbc-sqlite3 (>= 3.7.2)
  my_scripts
  rspec (>= 2.10.0)
  sqlite3 (> 1.3.3)
  standalone_migrations
