PATH
  remote: .
  specs:
    ib-ruby (0.5.14)
      bundler (>= 1.0.20)

GEM
  remote: http://rubygems.org/
  specs:
    diff-lcs (1.1.3)
    duration (0.1.0)
    getopt (1.4.1)
    my_scripts (0.1.15)
      bundler (>= 1.0.0)
    rspec (2.7.0)
      rspec-core (~> 2.7.0)
      rspec-expectations (~> 2.7.0)
      rspec-mocks (~> 2.7.0)
    rspec-core (2.7.1)
    rspec-expectations (2.7.0)
      diff-lcs (~> 1.1.2)
    rspec-mocks (2.7.0)

PLATFORMS
  java
  ruby

DEPENDENCIES
  bundler (>= 1.0.13)
  duration
  getopt
  ib-ruby!
  my_scripts
  rspec (>= 2.7.0)
